GEM
  remote: http://rubygems.org/
  specs:
    coffee-script (2.2.0)
      coffee-script-source
      execjs
    coffee-script-source (1.1.1)
    commonjs (0.2.0)
      therubyracer (~> 0.9.9)
    diff-lcs (1.1.2)
    execjs (1.1.3)
      multi_json (~> 1.0)
    git (1.2.5)
    jeweler (1.5.2)
      bundler (~> 1.0.0)
      git (>= 1.2.5)
      rake
    json (1.5.2)
    less (2.0.8)
      commonjs (~> 0.2.0)
      therubyracer (~> 0.9.9)
    libv8 (3.3.10.4)
    mime-types (1.16)
    multi_json (1.0.3)
    rack (1.3.0)
    rack-test (0.6.0)
      rack (>= 1.0)
    rake (0.9.2)
    rcov (0.9.9)
    rspec (2.4.0)
      rspec-core (~> 2.4.0)
      rspec-expectations (~> 2.4.0)
      rspec-mocks (~> 2.4.0)
    rspec-core (2.4.0)
    rspec-expectations (2.4.0)
      diff-lcs (~> 1.1.2)
    rspec-mocks (2.4.0)
    sass (3.1.2)
    therubyracer (0.9.9)
      libv8 (~> 3.3.10)
    thor (0.14.6)
    uglifier (1.1.0)
      execjs (>= 0.3.0)
      multi_json (>= 1.0.2)
    yard (0.6.8)

PLATFORMS
  ruby

DEPENDENCIES
  bundler (~> 1.0.0)
  coffee-script (~> 2)
  git
  jeweler (~> 1.5.2)
  json (>= 1.4)
  less
  mime-types (>= 1.16)
  rack (~> 1)
  rack-test
  rcov
  rspec (~> 2.4.0)
  sass (>= 3.1)
  thor (~> 0)
  uglifier
  yard (~> 0.6.0)
