GEM
  remote: http://rubygems.org/
  specs:
    coffee-script (2.2.0)
      coffee-script-source
      execjs
    coffee-script-source (1.0.1)
    diff-lcs (1.1.2)
    execjs (0.1.0)
    git (1.2.5)
    jeweler (1.5.2)
      bundler (~> 1.0.0)
      git (>= 1.2.5)
      rake
    json (1.5.1)
    mime-types (1.16)
    rack (1.2.1)
    rake (0.8.7)
    rcov (0.9.9)
    rspec (2.4.0)
      rspec-core (~> 2.4.0)
      rspec-expectations (~> 2.4.0)
      rspec-mocks (~> 2.4.0)
    rspec-core (2.4.0)
    rspec-expectations (2.4.0)
      diff-lcs (~> 1.1.2)
    rspec-mocks (2.4.0)
    sass (3.1.1)
    thor (0.14.6)
    yard (0.6.4)

PLATFORMS
  ruby

DEPENDENCIES
  bundler (~> 1.0.0)
  coffee-script (~> 2)
  git
  jeweler (~> 1.5.2)
  json (>= 1.4)
  mime-types (>= 1.16)
  rack (~> 1)
  rcov
  rspec (~> 2.4.0)
  sass (>= 3.1)
  thor (~> 0)
  yard (~> 0.6.0)
